GEM
  remote: https://rubygems.org/
  specs:
    citrus (3.0.2)
    coderay (1.1.0)
    cri (2.1.0)
    faster_xml_simple (0.5.0)
      libxml-ruby (>= 0.3.8.4)
    gosu (0.8.7.2)
    httpclient (2.6.0.1)
    json (1.7.7)
    libxml-ruby (2.8.0)
    method_source (0.8.2)
    mini_portile (0.6.2)
    net-github-upload (0.0.8)
      faster_xml_simple
      httpclient
      json
      nokogiri (>= 1.4.0)
    nokogiri (1.6.6.2)
      mini_portile (~> 0.6.0)
    ocra (1.3.4)
    pry (0.10.1)
      coderay (~> 1.1.0)
      method_source (~> 0.8.1)
      slop (~> 3.4)
    rake (0.9.2.2)
    releasy (0.2.2)
      cri (~> 2.1.0)
      net-github-upload (~> 0.0.8)
      ocra (~> 1.3.0)
      rake (~> 0.9.2.2)
      thor (~> 0.14.6)
    slop (3.6.0)
    thor (0.14.6)
    toml-rb (0.3.0)
      citrus (~> 3.0, > 3.0)

PLATFORMS
  ruby

DEPENDENCIES
  gosu
  pry
  rake (~> 0.9.2.2)
  releasy
  toml-rb
